GEM
  remote: https://rubygems.org/
  specs:
    api_cache (0.3.0)
    moneta (0.8.0)
    youtube_search (0.2.0)

PLATFORMS
  ruby

DEPENDENCIES
  api_cache (~> 0.3.0)
  moneta (~> 0.8.0)
  youtube_search (~> 0.2.0)
