GEM
  remote: https://rubygems.org/
  specs:
    youtube_search (0.2.0)

PLATFORMS
  ruby

DEPENDENCIES
  youtube_search (~> 0.2.0)
