GEM
  remote: https://rubygems.org/
  specs:
    activesupport (4.2.7.1)
      i18n (~> 0.7)
      json (~> 1.7, >= 1.7.7)
      minitest (~> 5.1)
      thread_safe (~> 0.3, >= 0.3.4)
      tzinfo (~> 1.1)
    api_cache (0.3.0)
    dotenv (2.2.0)
    i18n (0.7.0)
    json (1.8.6)
    minitest (5.10.1)
    moneta (0.8.0)
    thread_safe (0.3.5)
    tzinfo (1.2.2)
      thread_safe (~> 0.1)
    yt (0.28.5)
      activesupport

PLATFORMS
  ruby

DEPENDENCIES
  api_cache (~> 0.3.0)
  dotenv
  moneta (~> 0.8.0)
  yt

BUNDLED WITH
   1.13.7
