GEM
  remote: https://rubygems.org/
  specs:
    activesupport (4.2.0)
      i18n (~> 0.7)
      json (~> 1.7, >= 1.7.7)
      minitest (~> 5.1)
      thread_safe (~> 0.3, >= 0.3.4)
      tzinfo (~> 1.1)
    api_cache (0.3.0)
    dotenv (1.0.2)
    httparty (0.13.3)
      json (~> 1.8)
      multi_xml (>= 0.5.2)
    i18n (0.7.0)
    json (1.8.2)
    lastfm (1.26.0)
      activesupport (>= 3.2.0)
      httparty
      xml-simple
    minitest (5.5.1)
    moneta (0.8.0)
    multi_xml (0.5.5)
    thread_safe (0.3.4)
    tzinfo (1.2.2)
      thread_safe (~> 0.1)
    xml-simple (1.1.4)
    youtube_search (0.2.0)

PLATFORMS
  ruby

DEPENDENCIES
  api_cache (~> 0.3.0)
  dotenv (~> 1.0.2)
  lastfm (~> 1.26.0)
  moneta (~> 0.8.0)
  youtube_search (~> 0.2.0)
